{
  "bids_meta": {
    "AcquisitionNumber": 1,
    "DeviceSerialNumber": "35442  ",
    "EchoNumber": 1,
    "EchoTime": 0.00298,
    "FlipAngle": 9,
    "ImageOrientationPatientDICOM": [
      "0.00439645417576",
      "0.9999902749686",
      "-0.0003480788726",
      "0.07484487752276",
      "-0.0006761611473",
      "-0.9971949594311 "
    ],
    "ImageType": [
      "ORIGINAL",
      "PRIMARY",
      "M",
      "ND",
      "NORM "
    ],
    "ImagingFrequency": 123.247108,
    "InPlanePhaseEncodingDirectionDICOM": "ROW  ",
    "IntendedFor": [
      "ses-PREEN00/anat/sub-9125564_ses-PREEN00_run-001_FLAIR.nii.gz",
      "ses-PREEN00/fmap/sub-9125564_ses-PREEN00_run-001_phasediff.nii.gz"
    ],
    "InversionTime": 0.9,
    "MRAcquisitionType": "3D ",
    "MagneticFieldStrength": 3,
    "Manufacturer": "SIEMENS  ",
    "ManufacturerModelName": "TrioTim  ",
    "Modality": "MRI__ ",
    "PatientPosition": "HFS  ",
    "PercentPhaseFOV": 93.75,
    "PhaseEncodingSteps": 239,
    "PixelBandwidth": 238,
    "ProtocolName": "MPRAGE ADNI_iPAT2  ",
    "PulseSequenceType": "*tfl3d1_ns ",
    "ReceiveCoilName": "HeadMatrixix\\\\ ",
    "RepetitionTime": 2.3,
    "SAR": 0.08691015175254,
    "ScanningSequence": "GR\\\\IR  ",
    "SequenceName": "*tfl3d1_ns ",
    "SequenceVariant": "SP\\\\MP  ",
    "SeriesDescription": "MPRAGE ADNI_iPAT2  ",
    "SeriesNumber": 4,
    "SliceOrder": "interleaved ",
    "SliceThickness": 1,
    "SliceTiming": null,
    "SoftwareVersions": "syngo MR B17 ",
    "dataset": "<unset>",
    "modality": "T1w",
    "run_id": 1,
    "session_id": "PREEN00",
    "subject_id": "9125564"
  },
  "cjv": 0.5616476701235894,
  "cnr": 2.416775913227449,
  "efc": 0.6229278830395136,
  "fber": 1807.1762688413487,
  "fwhm_avg": 3.316076666666666,
  "fwhm_x": 3.41443,
  "fwhm_y": 3.39818,
  "fwhm_z": 3.13562,
  "icvs_csf": 0.22179143477036378,
  "icvs_gm": 0.38938706749992763,
  "icvs_wm": 0.3888214977297086,
  "inu_med": 0.8012090921401978,
  "inu_range": 0.3443859577178955,
  "provenance": {
    "md5sum": "90c9a5f71106350ea98ad7bd6e896f7b",
    "settings": {
      "testing": false
    },
    "software": "mriqc",
    "version": "22.0.1",
    "warnings": {
      "large_rot_frame": true,
      "small_air_mask": false
    },
    "webapi_port": null,
    "webapi_url": "https://mriqc.nimh.nih.gov/api/v1"
  },
  "qi_1": 0.0,
  "qi_2": 0.0030501492914852607,
  "rpve_csf": 22.829297792515597,
  "rpve_gm": 12.325832190572076,
  "rpve_wm": 14.364282097106525,
  "size_x": 176,
  "size_y": 240,
  "size_z": 256,
  "snr_csf": 2.225539189635657,
  "snr_gm": 8.060183159915383,
  "snr_total": 7.478424097653104,
  "snr_wm": 12.149549943408273,
  "snrd_csf": 12.364301214863794,
  "snrd_gm": 33.734594465060646,
  "snrd_total": 31.401032510111026,
  "snrd_wm": 48.10420185040865,
  "spacing_x": 1.0,
  "spacing_y": 1.0,
  "spacing_z": 1.0,
  "summary_bg_k": 1237.31441944736,
  "summary_bg_mad": 13.619704981986787,
  "summary_bg_mean": 17.615884048138774,
  "summary_bg_median": 9.186351411044598,
  "summary_bg_n": 2752447.0,
  "summary_bg_p05": 0.0,
  "summary_bg_p95": 65.74802938476205,
  "summary_bg_stdv": 30.558097925044432,
  "summary_csf_k": 0.6306283779789621,
  "summary_csf_mad": 111.35730216224435,
  "summary_csf_mean": 266.2784927715971,
  "summary_csf_median": 257.0428613871336,
  "summary_csf_n": 42445.0,
  "summary_csf_p05": 91.90725864097476,
  "summary_csf_p95": 472.7033968940377,
  "summary_csf_stdv": 115.4955323249954,
  "summary_gm_k": -0.11119110983153657,
  "summary_gm_mad": 87.03640040869652,
  "summary_gm_mean": 700.0521728473582,
  "summary_gm_median": 701.3123134374619,
  "summary_gm_n": 10125.0,
  "summary_gm_p05": 553.945738992095,
  "summary_gm_p95": 841.1548286318779,
  "summary_gm_stdv": 87.0051791580896,
  "summary_wm_k": 0.25572068120002855,
  "summary_wm_mad": 80.7453938217788,
  "summary_wm_mean": 1003.683565109229,
  "summary_wm_median": 1000.0437124185264,
  "summary_wm_n": 181829.0,
  "summary_wm_p05": 874.8031215146184,
  "summary_wm_p95": 1144.9255975298584,
  "summary_wm_stdv": 82.31094708168428,
  "tpm_overlap_csf": 0.16585628444388711,
  "tpm_overlap_gm": 0.43498888331754254,
  "tpm_overlap_wm": 0.48871671764758784,
  "wm2max": 0.4043332154227096
}