{
  "bids_meta": {
    "AcquisitionNumber": 1,
    "DeviceSerialNumber": "35442  ",
    "EchoNumber": 1,
    "EchoTime": 0.00298,
    "FlipAngle": 9,
    "ImageOrientationPatientDICOM": [
      "-0.0074360646686",
      "0.99997229125359",
      "-0.0003488083861",
      "0.03915596886128",
      "-5.73761614e-005",
      "-0.9992331093446  "
    ],
    "ImageType": [
      "ORIGINAL",
      "PRIMARY",
      "M",
      "ND",
      "NORM "
    ],
    "ImagingFrequency": 123.247448,
    "InPlanePhaseEncodingDirectionDICOM": "ROW  ",
    "IntendedFor": [
      "ses-NAPEN00/fmap/sub-6445003_ses-NAPEN00_run-001_phasediff.nii.gz",
      "ses-NAPEN00/anat/sub-6445003_ses-NAPEN00_run-001_FLAIR.nii.gz",
      "ses-NAPEN00/fmap/sub-6445003_ses-NAPEN00_run-002_phasediff.nii.gz",
      "ses-NAPEN00/dwi/sub-6445003_ses-NAPEN00_run-001_dwi.nii.gz"
    ],
    "InversionTime": 0.9,
    "MRAcquisitionType": "3D ",
    "MagneticFieldStrength": 3,
    "Manufacturer": "SIEMENS  ",
    "ManufacturerModelName": "TrioTim  ",
    "Modality": "MRI__ ",
    "PatientPosition": "HFS  ",
    "PercentPhaseFOV": 93.75,
    "PhaseEncodingSteps": 239,
    "PixelBandwidth": 238,
    "ProtocolName": "MPRAGE ADNI_iPAT2  ",
    "PulseSequenceType": "*tfl3d1_ns ",
    "ReceiveCoilName": "HeadMatrixix\\\\ ",
    "RepetitionTime": 2.3,
    "SAR": 0.07656684050366,
    "ScanningSequence": "GR\\\\IR  ",
    "SequenceName": "*tfl3d1_ns ",
    "SequenceVariant": "SP\\\\MP  ",
    "SeriesDescription": "MPRAGE ADNI_iPAT2  ",
    "SeriesNumber": 4,
    "SliceOrder": "interleaved ",
    "SliceThickness": 1,
    "SliceTiming": null,
    "SoftwareVersions": "syngo MR B17 ",
    "dataset": "<unset>",
    "modality": "T1w",
    "run_id": 1,
    "session_id": "NAPEN00",
    "subject_id": "6445003"
  },
  "cjv": 0.3909117129270194,
  "cnr": 3.494407914722054,
  "efc": 0.5085482025134151,
  "fber": 2462.1554882806404,
  "fwhm_avg": 3.699996666666667,
  "fwhm_x": 3.78369,
  "fwhm_y": 3.81522,
  "fwhm_z": 3.50108,
  "icvs_csf": 0.2581216675339596,
  "icvs_gm": 0.407695697112929,
  "icvs_wm": 0.3341826353531114,
  "inu_med": 0.6416811943054199,
  "inu_range": 0.21647814512252805,
  "provenance": {
    "md5sum": "8611836f60b4e3ec46c0240418c12819",
    "settings": {
      "testing": false
    },
    "software": "mriqc",
    "version": "22.0.1",
    "warnings": {
      "large_rot_frame": false,
      "small_air_mask": false
    },
    "webapi_port": null,
    "webapi_url": "https://mriqc.nimh.nih.gov/api/v1"
  },
  "qi_1": 0.00010611527624874047,
  "qi_2": 0.006030690548616981,
  "rpve_csf": 22.95198210306124,
  "rpve_gm": 14.157646612874153,
  "rpve_wm": 20.0927715211614,
  "size_x": 176,
  "size_y": 240,
  "size_z": 256,
  "snr_csf": 2.1895118073889313,
  "snr_gm": 8.795629184841696,
  "snr_total": 10.10353156988373,
  "snr_wm": 19.325453717420565,
  "snrd_csf": 9.72172932195835,
  "snrd_gm": 32.77724792125185,
  "snrd_total": 30.385858680408678,
  "snrd_wm": 48.658598798015845,
  "spacing_x": 1.0,
  "spacing_y": 1.0,
  "spacing_z": 1.0,
  "summary_bg_k": 2645.9750797636057,
  "summary_bg_mad": 0.0,
  "summary_bg_mean": 7.843264976270152,
  "summary_bg_median": 0.0,
  "summary_bg_n": 2981696.0,
  "summary_bg_p05": 0.0,
  "summary_bg_p95": 32.743362709879875,
  "summary_bg_stdv": 13.46346222606805,
  "summary_csf_k": 1.6176654814363758,
  "summary_csf_mad": 75.25846277581854,
  "summary_csf_mean": 210.15172778327192,
  "summary_csf_median": 199.78760987520218,
  "summary_csf_n": 55736.0,
  "summary_csf_p05": 77.80530944466591,
  "summary_csf_p95": 384.4336268864572,
  "summary_csf_stdv": 91.24674136295687,
  "summary_gm_k": -0.0645328252541928,
  "summary_gm_mad": 77.09531507508888,
  "summary_gm_mean": 672.2420283069314,
  "summary_gm_median": 673.5929178446531,
  "summary_gm_n": 19775.0,
  "summary_gm_p05": 543.433626294136,
  "summary_gm_p95": 795.893802344799,
  "summary_gm_stdv": 76.58075073965972,
  "summary_wm_k": 0.21135332720671052,
  "summary_wm_mad": 50.48719748280156,
  "summary_wm_mean": 999.6324191635282,
  "summary_wm_median": 999.9645980447531,
  "summary_wm_n": 157965.0,
  "summary_wm_p05": 914.0884921699762,
  "summary_wm_p95": 1083.9999959617853,
  "summary_wm_stdv": 51.743231880360824,
  "tpm_overlap_csf": 0.16825948457338233,
  "tpm_overlap_gm": 0.4590277467014229,
  "tpm_overlap_wm": 0.49916916081416157,
  "wm2max": 0.5341287248525185
}