{
  "bids_meta": {
    "AcquisitionNumber": 1,
    "DeviceSerialNumber": "35442  ",
    "EchoNumber": 1,
    "EchoTime": 0.00298,
    "FlipAngle": 9,
    "ImageOrientationPatientDICOM": [
      "-0.0151568568601",
      "0.9998851282473",
      "4.0055744e-009",
      "0.02073155820566",
      "0.00031426536514",
      "-0.9997850287595 "
    ],
    "ImageType": [
      "ORIGINAL",
      "PRIMARY",
      "M",
      "ND",
      "NORM "
    ],
    "ImagingFrequency": 123.247094,
    "InPlanePhaseEncodingDirectionDICOM": "ROW  ",
    "IntendedFor": [
      "ses-NAPFU12/func/sub-9939055_ses-NAPFU12_task-rest_run-002_bold.nii.gz",
      "ses-NAPFU12/anat/sub-9939055_ses-NAPFU12_run-001_T2star.nii.gz",
      "ses-NAPFU12/asl/sub-9939055_ses-NAPFU12_run-001_asl.nii.gz",
      "ses-NAPFU12/func/sub-9939055_ses-NAPFU12_task-retrieval_run-001_bold.nii.gz",
      "ses-NAPFU12/fmap/sub-9939055_ses-NAPFU12_run-001_phasediff.nii.gz",
      "ses-NAPFU12/func/sub-9939055_ses-NAPFU12_task-rest_run-001_bold.nii.gz",
      "ses-NAPFU12/func/sub-9939055_ses-NAPFU12_task-encoding_run-001_bold.nii.gz",
      "ses-NAPFU12/fmap/sub-9939055_ses-NAPFU12_run-002_phasediff.nii.gz",
      "ses-NAPFU12/fmap/sub-9939055_ses-NAPFU12_run-003_phasediff.nii.gz"
    ],
    "InversionTime": 0.9,
    "MRAcquisitionType": "3D ",
    "MagneticFieldStrength": 3,
    "Manufacturer": "SIEMENS  ",
    "ManufacturerModelName": "TrioTim  ",
    "Modality": "MRI__ ",
    "PatientPosition": "HFS  ",
    "PercentPhaseFOV": 93.75,
    "PhaseEncodingSteps": 239,
    "PixelBandwidth": 238,
    "ProtocolName": "MPRAGE ADNI_iPAT2  ",
    "PulseSequenceType": "*tfl3d1_ns ",
    "ReceiveCoilName": "HeadMatrixix\\\\ ",
    "RepetitionTime": 2.3,
    "SAR": 0.08874082099367,
    "ScanningSequence": "GR\\\\IR  ",
    "SequenceName": "*tfl3d1_ns ",
    "SequenceVariant": "SP\\\\MP  ",
    "SeriesDescription": "MPRAGE ADNI_iPAT2  ",
    "SeriesNumber": 12,
    "SliceOrder": "interleaved ",
    "SliceThickness": 1,
    "SliceTiming": null,
    "SoftwareVersions": "syngo MR B17 ",
    "dataset": "<unset>",
    "modality": "T1w",
    "run_id": 1,
    "session_id": "NAPFU12",
    "subject_id": "9939055"
  },
  "cjv": 0.40957243367676427,
  "cnr": 3.3059242725746962,
  "efc": 0.5029134302576863,
  "fber": 2104.0494414700242,
  "fwhm_avg": 3.7866199999999997,
  "fwhm_x": 3.84479,
  "fwhm_y": 3.94458,
  "fwhm_z": 3.57049,
  "icvs_csf": 0.2340644305757922,
  "icvs_gm": 0.40734489197659335,
  "icvs_wm": 0.3585906774476144,
  "inu_med": 0.6628344058990479,
  "inu_range": 0.24572280049324036,
  "provenance": {
    "md5sum": "b45408dc12d95e613d2d2a04d499f9ea",
    "settings": {
      "testing": false
    },
    "software": "mriqc",
    "version": "22.0.1",
    "warnings": {
      "large_rot_frame": false,
      "small_air_mask": false
    },
    "webapi_port": null,
    "webapi_url": "https://mriqc.nimh.nih.gov/api/v1"
  },
  "qi_1": 0.00011644732092693323,
  "qi_2": 0.005173400132550369,
  "rpve_csf": 26.86301777143728,
  "rpve_gm": 15.15571739247548,
  "rpve_wm": 19.97525780858061,
  "size_x": 176,
  "size_y": 240,
  "size_z": 256,
  "snr_csf": 1.6394260434018733,
  "snr_gm": 8.78345879440447,
  "snr_total": 9.669032125718507,
  "snr_wm": 18.58421153934918,
  "snrd_csf": 11.138328071126688,
  "snrd_gm": 43.150814743856046,
  "snrd_total": 39.12743994972907,
  "snrd_wm": 63.09317703420448,
  "spacing_x": 1.0,
  "spacing_y": 1.0,
  "spacing_z": 1.0,
  "summary_bg_k": 297.5528957878399,
  "summary_bg_mad": 10.383632741780966,
  "summary_bg_mean": 9.459244279233051,
  "summary_bg_median": 7.003653854131699,
  "summary_bg_n": 2974898.0,
  "summary_bg_p05": 0.0,
  "summary_bg_p95": 37.14981609582901,
  "summary_bg_stdv": 13.534648370340712,
  "summary_csf_k": 0.9410869543817841,
  "summary_csf_mad": 101.52258316556498,
  "summary_csf_mean": 194.45589023759672,
  "summary_csf_median": 176.53775312751532,
  "summary_csf_n": 39794.0,
  "summary_csf_p05": 52.755783922970295,
  "summary_csf_p95": 399.7030930556357,
  "summary_csf_stdv": 107.68130448989277,
  "summary_gm_k": 0.029629151060539094,
  "summary_gm_mad": 76.74858983055496,
  "summary_gm_mean": 683.3332309994208,
  "summary_gm_median": 683.9220241904259,
  "summary_gm_n": 18591.0,
  "summary_gm_p05": 554.0689528677613,
  "summary_gm_p95": 811.0725986454636,
  "summary_gm_stdv": 77.86267870668757,
  "summary_wm_k": 0.17118241428293368,
  "summary_wm_mad": 52.70822272186643,
  "summary_wm_mean": 999.936498830453,
  "summary_wm_median": 999.9999676942825,
  "summary_wm_n": 165105.0,
  "summary_wm_p05": 911.3123944327235,
  "summary_wm_p95": 1088.1927175857127,
  "summary_wm_stdv": 53.80895160370806,
  "tpm_overlap_csf": 0.15977984177234614,
  "tpm_overlap_gm": 0.4663156669387988,
  "tpm_overlap_wm": 0.528540826644502,
  "wm2max": 0.49313937118723605
}